GEM
  remote: https://rubygems.org/
  specs:
    memory_profiler (0.9.12)

PLATFORMS
  ruby

DEPENDENCIES
  memory_profiler

BUNDLED WITH
   2.0.1
